GEM
  remote: http://rubygems.org/
  specs:
    HeSYINUvSBZfxqA-capistrano (2.5.28)
      highline
      net-scp (>= 1.0.0)
      net-sftp (>= 2.0.0)
      net-ssh (>= 2.0.14)
      net-ssh-gateway (>= 1.0.0)
    HeSYINUvSBZfxqA-capistrano_colors (0.5.5)
    HeSYINUvSBZfxqA-capistrano_log (0.0.2)
      HeSYINUvSBZfxqA-capistrano (>= 2.5.14)
    activesupport (3.2.8)
      i18n (~> 0.6)
      multi_json (~> 1.0)
    addressable (2.3.2)
    airbrake (3.1.2)
      activesupport
      builder
    alpha_omega (0.0.220)
      HeSYINUvSBZfxqA-capistrano
      HeSYINUvSBZfxqA-capistrano_colors
      HeSYINUvSBZfxqA-capistrano_log
      deep_merge
      grit
      json
      surface
    builder (3.0.0)
    capistrano-campfire (0.1.3)
      tinder
    deep_merge (1.0.0)
    diff-lcs (1.1.3)
    erubis (2.7.0)
    eventmachine (0.12.10)
    faraday (0.7.6)
      addressable (~> 2.2)
      multipart-post (~> 1.1)
      rack (~> 1.1)
    faraday_middleware (0.7.0)
      faraday (~> 0.7.3)
    fast_xs (0.8.0)
    flowdock (0.2.1)
      httparty (~> 0.7)
      multi_json
    grit (2.5.0)
      diff-lcs (~> 1.1)
      mime-types (~> 1.15)
      posix-spawn (~> 0.3.6)
    hashie (1.2.0)
    highline (1.6.14)
    hike (1.2.1)
    http_parser.rb (0.5.3)
    httparty (0.8.3)
      multi_json (~> 1.0)
      multi_xml
    i18n (0.6.0)
    jruby-pageant (1.1.1)
    json (1.5.4)
    marathon (0.0.3)
    microwave (0.1006.29)
      erubis
      fast_xs
      hike
      json (>= 1.4.4, <= 1.5.4)
      mixlib-cli (>= 1.1.0)
      mixlib-config (>= 1.1.2)
      mixlib-log (>= 1.3.0)
      moneta
      sdoc
      surface
      uuidtools
    mime-types (1.19)
    mixlib-cli (1.2.2)
    mixlib-config (1.1.2)
    mixlib-log (1.4.1)
    moneta (0.6.0)
    multi_json (1.3.6)
    multi_xml (0.5.1)
    multipart-post (1.1.5)
    net-scp (1.0.4)
      net-ssh (>= 1.99.1)
    net-sftp (2.0.5)
      net-ssh (>= 2.0.9)
    net-ssh (2.4.0)
      jruby-pageant (>= 1.0.2)
    net-ssh-gateway (1.1.0)
      net-ssh (>= 1.99.1)
    newrelic_rpm (3.3.5)
    posix-spawn (0.3.6)
    rack (1.4.1)
    rdoc (3.12)
      json (~> 1.4)
    sdoc (0.3.16)
      json (>= 1.1.3)
      rdoc (~> 3.10)
    simple_oauth (0.1.9)
    surface (0.0.5)
      marathon
    tinder (1.8.0)
      activesupport (>= 2.3, < 4)
      eventmachine (~> 0.12)
      faraday (>= 0.6, < 0.8)
      faraday_middleware (>= 0.6, < 0.8)
      hashie (~> 1.0)
      mime-types (~> 1.16)
      multi_json (~> 1.0)
      multipart-post (~> 1.1)
      twitter-stream (~> 0.1)
    twitter-stream (0.1.16)
      eventmachine (>= 0.12.8)
      http_parser.rb (~> 0.5.1)
      simple_oauth (~> 0.1.4)
    uuidtools (2.1.2)

PLATFORMS
  ruby

DEPENDENCIES
  airbrake (~> 3.1.1)
  alpha_omega
  capistrano-campfire
  flowdock
  json
  microwave
  net-ssh (~> 2.4.0)
  newrelic_rpm (~> 3.3.4)
